GEM
  remote: https://rubygems.org/
  specs:
    ffi (1.9.6)
    minitest (5.5.1)
    rake (10.4.2)

PLATFORMS
  ruby

DEPENDENCIES
  ffi
  minitest
  rake
